GIT
  remote: https://github.com/mattantonelli/discordrb
  revision: d393e182e629e2327cdfadcc9981d2b7e80f8a05
  branch: button-interactions
  specs:
    discordrb (3.4.2)
      discordrb-webhooks (~> 3.4.2)
      ffi (>= 1.9.24)
      opus-ruby
      rest-client (>= 2.0.0)
      websocket-client-simple (>= 0.3.0)
    discordrb-webhooks (3.4.2)
      rest-client (>= 2.0.0)

GEM
  remote: https://rubygems.org/
  specs:
    domain_name (0.5.20190701)
      unf (>= 0.0.5, < 1.0.0)
    event_emitter (0.2.6)
    ffi (1.15.1)
    http-accept (1.7.0)
    http-cookie (1.0.4)
      domain_name (~> 0.5)
    mime-types (3.3.1)
      mime-types-data (~> 3.2015)
    mime-types-data (3.2021.0225)
    netrc (0.11.0)
    opus-ruby (1.0.1)
      ffi
    rest-client (2.1.0)
      http-accept (>= 1.7.0, < 2.0)
      http-cookie (>= 1.0.2, < 2.0)
      mime-types (>= 1.16, < 4.0)
      netrc (~> 0.8)
    unf (0.1.4)
      unf_ext
    unf_ext (0.0.7.7)
    websocket (1.2.9)
    websocket-client-simple (0.3.0)
      event_emitter
      websocket

PLATFORMS
  ruby

DEPENDENCIES
  discordrb!

RUBY VERSION
   ruby 2.7.2p137

BUNDLED WITH
   2.1.4
